GEM
  remote: https://rubygems.org/
  specs:
    coderay (1.1.1)
    method_source (0.8.2)
    phantomjs (2.1.1.0)
    pry (0.10.4)
      coderay (~> 1.1.0)
      method_source (~> 0.8.1)
      slop (~> 3.4)
    screencap (0.1.4)
      phantomjs
    slop (3.6.0)

PLATFORMS
  ruby

DEPENDENCIES
  pry
  screencap

BUNDLED WITH
   1.14.6
